GEM
  remote: https://rubygems.org/
  specs:
    builder (3.2.4)
    childprocess (3.0.0)
    coderay (1.1.3)
    concurrent-ruby (1.1.9)
    cucumber (2.99.0)
      builder (>= 2.1.2)
      cucumber-core (~> 1.5.0)
      cucumber-wire (~> 0.0.1)
      diff-lcs (>= 1.1.3)
      gherkin (~> 4.0)
      multi_json (>= 1.7.5, < 2.0)
      multi_test (>= 0.1.2)
    cucumber-core (1.5.0)
      gherkin (~> 4.0)
    cucumber-wire (0.0.1)
    data_magic (1.2)
      faker (>= 1.1.2)
      yml_reader (>= 0.6)
    diff-lcs (1.4.4)
    faker (2.18.0)
      i18n (>= 1.6, < 2)
    gherkin (4.1.3)
    i18n (1.8.10)
      concurrent-ruby (~> 1.0)
    method_source (1.0.0)
    multi_json (1.15.0)
    multi_test (0.1.2)
    page-object (2.3.1)
      page_navigation (>= 0.10)
      watir (>= 6.10.3)
    page_navigation (0.10)
      data_magic (>= 0.22)
    pry (0.14.1)
      coderay (~> 1.1)
      method_source (~> 1.0)
    rake (13.0.6)
    regexp_parser (2.1.1)
    rspec (3.10.0)
      rspec-core (~> 3.10.0)
      rspec-expectations (~> 3.10.0)
      rspec-mocks (~> 3.10.0)
    rspec-core (3.10.1)
      rspec-support (~> 3.10.0)
    rspec-expectations (3.10.1)
      diff-lcs (>= 1.2.0, < 2.0)
      rspec-support (~> 3.10.0)
    rspec-mocks (3.10.2)
      diff-lcs (>= 1.2.0, < 2.0)
      rspec-support (~> 3.10.0)
    rspec-support (3.10.2)
    rubyzip (2.3.2)
    selenium-webdriver (3.142.7)
      childprocess (>= 0.5, < 4.0)
      rubyzip (>= 1.2.2)
    watir (6.19.1)
      regexp_parser (>= 1.2, < 3)
      selenium-webdriver (>= 3.142.7)
    watir-webdriver (0.9.9)
      selenium-webdriver (>= 2.46.2)
    yml_reader (0.7)

PLATFORMS
  x86_64-darwin-19

DEPENDENCIES
  cucumber (~> 2.4)
  gherkin (~> 4.0)
  page-object (~> 2.2)
  pry (~> 0.14.1)
  rake (~> 13.0, >= 13.0.6)
  rspec (~> 3.10)
  rspec-expectations (~> 3.4)
  watir (~> 6.0)
  watir-webdriver (~> 0.9.9)

RUBY VERSION
   ruby 2.7.2p137

BUNDLED WITH
   2.2.25
